PATH
  remote: ../vehicle_tracking
  specs:
    vehicle_tracking (0.1.0)

GEM
  remote: https://rubygems.org/
  specs:

PLATFORMS
  x64-mingw32

DEPENDENCIES
  vehicle_tracking!

BUNDLED WITH
   2.2.28
